GEM
  remote: https://rubygems.org/
  specs:
    chunky_png (1.3.0)
    compass (0.12.2)
      chunky_png (~> 1.2)
      fssm (>= 0.2.7)
      sass (~> 3.1)
    compass-h5bp (0.1.2)
      compass
    compass-normalize (1.4.3)
      compass (>= 0.12.0)
    fssm (0.2.10)
    sass (3.2.14)
    susy (1.0.9)
      compass (>= 0.12.2)
      sass (>= 3.2.0)
    wdm (0.1.0)

PLATFORMS
  ruby
  x86-mingw32

DEPENDENCIES
  compass
  compass-h5bp (~> 0.1.1)
  compass-normalize
  susy (~> 1.0.9)
  wdm (~> 0.1.0)
